GEM
  remote: https://rubygems.org/
  specs:
    activemodel (4.2.3)
      activesupport (= 4.2.3)
      builder (~> 3.1)
    activerecord (4.2.3)
      activemodel (= 4.2.3)
      activesupport (= 4.2.3)
      arel (~> 6.0)
    activerecord-postgresql-adapter (0.0.1)
      pg
    activesupport (4.2.3)
      i18n (~> 0.7)
      json (~> 1.7, >= 1.7.7)
      minitest (~> 5.1)
      thread_safe (~> 0.3, >= 0.3.4)
      tzinfo (~> 1.1)
    arel (6.0.0)
    backports (3.6.4)
    builder (3.2.2)
    i18n (0.7.0)
    json (1.8.3)
    libv8 (3.16.14.11)
    mini_portile (0.6.2)
    minitest (5.7.0)
    multi_json (1.11.2)
    nokogiri (1.6.6.2)
      mini_portile (~> 0.6.0)
    open_uri_redirections (0.1.4)
    pg (0.18.2)
    rack (1.6.4)
    rack-protection (1.5.3)
      rack
    rack-test (0.6.3)
      rack (>= 1.0)
    rake (10.4.2)
    ref (1.0.5)
    sinatra (1.4.6)
      rack (~> 1.4)
      rack-protection (~> 1.4)
      tilt (>= 1.3, < 3)
    sinatra-activerecord (2.0.6)
      activerecord (>= 3.2)
      sinatra (~> 1.0)
    sinatra-contrib (1.4.6)
      backports (>= 2.0)
      multi_json
      rack-protection
      rack-test
      sinatra (~> 1.4.0)
      tilt (>= 1.3, < 3)
    sqlite3 (1.3.10)
    therubyracer (0.12.2)
      libv8 (~> 3.16.14.0)
      ref
    thread_safe (0.3.5)
    tilt (2.0.1)
    tzinfo (1.2.2)
      thread_safe (~> 0.1)

PLATFORMS
  ruby

DEPENDENCIES
  activerecord
  activerecord-postgresql-adapter
  json
  nokogiri
  open_uri_redirections (= 0.1.4)
  pg
  rake
  sinatra
  sinatra-activerecord
  sinatra-contrib
  sqlite3
  therubyracer
